PATH
  remote: .
  specs:
    dnsimple-ruby (1.2.6)
      httparty

GEM
  remote: http://rubygems.org/
  specs:
    aruba (0.4.7)
      childprocess (>= 0.2.2)
      cucumber (>= 1.1.1)
      ffi (= 1.0.9)
      rspec (>= 2.7.0)
    builder (3.0.0)
    childprocess (0.2.2)
      ffi (~> 1.0.6)
    columnize (0.3.4)
    cucumber (1.1.2)
      builder (>= 2.1.2)
      diff-lcs (>= 1.1.2)
      gherkin (~> 2.6.2)
      json (>= 1.4.6)
      term-ansicolor (>= 1.0.6)
    diff-lcs (1.1.3)
    fakeweb (1.3.0)
    ffi (1.0.9)
    gherkin (2.6.3)
      json (>= 1.4.6)
    httparty (0.8.1)
      multi_json
      multi_xml
    json (1.6.1)
    linecache (0.46)
      rbx-require-relative (> 0.0.4)
    metaclass (0.0.1)
    mocha (0.10.0)
      metaclass (~> 0.0.1)
    multi_json (1.0.3)
    multi_xml (0.4.1)
    rake (0.9.2.2)
    rbx-require-relative (0.0.5)
    rspec (2.7.0)
      rspec-core (~> 2.7.0)
      rspec-expectations (~> 2.7.0)
      rspec-mocks (~> 2.7.0)
    rspec-core (2.7.1)
    rspec-expectations (2.7.0)
      diff-lcs (~> 1.1.2)
    rspec-mocks (2.7.0)
    ruby-debug (0.10.4)
      columnize (>= 0.1)
      ruby-debug-base (~> 0.10.4.0)
    ruby-debug-base (0.10.4)
      linecache (>= 0.3)
    term-ansicolor (1.0.7)
    vcr (1.11.3)

PLATFORMS
  ruby

DEPENDENCIES
  aruba
  cucumber
  dnsimple-ruby!
  fakeweb
  mocha
  rake
  rspec (>= 2.0.0)
  ruby-debug
  vcr
